PATH
  remote: .
  specs:
    logophile (0.1.0)
      xcodeproj (~> 1.5)

GEM
  remote: https://rubygems.org/
  specs:
    CFPropertyList (2.3.5)
    claide (1.0.2)
    colored2 (3.1.2)
    nanaimo (0.2.3)
    rake (12.2.1)
    xcodeproj (1.5.3)
      CFPropertyList (~> 2.3.3)
      claide (>= 1.0.2, < 2.0)
      colored2 (~> 3.1)
      nanaimo (~> 0.2.3)

PLATFORMS
  ruby

DEPENDENCIES
  bundler (~> 1.16)
  logophile!
  rake (~> 12.2)

BUNDLED WITH
   1.16.0
